PATH
  remote: .
  specs:
    units_converter2 (0.1.0)

GEM
  remote: https://rubygems.org/
  specs:
    rake (13.1.0)

PLATFORMS
  x64-mingw-ucrt

DEPENDENCIES
  rake (~> 13.0)
  units_converter2!

BUNDLED WITH
   2.5.11
