PATH
  remote: .
  specs:
    units_converter2 (0.1.0)

GEM
  remote: https://rubygems.org/
  specs:
    diff-lcs (1.5.1)
    rake (13.1.0)
    rspec (3.13.0)
      rspec-core (~> 3.13.0)
      rspec-expectations (~> 3.13.0)
      rspec-mocks (~> 3.13.0)
    rspec-core (3.13.0)
      rspec-support (~> 3.13.0)
    rspec-expectations (3.13.0)
      diff-lcs (>= 1.2.0, < 2.0)
      rspec-support (~> 3.13.0)
    rspec-mocks (3.13.1)
      diff-lcs (>= 1.2.0, < 2.0)
      rspec-support (~> 3.13.0)
    rspec-support (3.13.1)

PLATFORMS
  x64-mingw-ucrt

DEPENDENCIES
  rake (~> 13.0)
  rspec
  units_converter2!

BUNDLED WITH
   2.5.11
